PATH
  remote: .
  specs:
    redis_rejson (0.2.0)
      redis (~> 3.3)

GEM
  remote: https://rubygems.org/
  specs:
    diff-lcs (1.3)
    rake (12.3.3)
    redis (3.3.3)
    rspec (3.6.0)
      rspec-core (~> 3.6.0)
      rspec-expectations (~> 3.6.0)
      rspec-mocks (~> 3.6.0)
    rspec-core (3.6.0)
      rspec-support (~> 3.6.0)
    rspec-expectations (3.6.0)
      diff-lcs (>= 1.2.0, < 2.0)
      rspec-support (~> 3.6.0)
    rspec-mocks (3.6.0)
      diff-lcs (>= 1.2.0, < 2.0)
      rspec-support (~> 3.6.0)
    rspec-support (3.6.0)

PLATFORMS
  ruby

DEPENDENCIES
  bundler (~> 2.1.4)
  rake (~> 12.3.3)
  redis_rejson!
  rspec (~> 3.0)

BUNDLED WITH
   2.1.4
